GIT
  remote: http://github.com/datamapper/dm-is-remixable.git
  revision: 6b8d8a1ba91354d0c4e4ccd3f98ddac8e494c888
  specs:
    dm-is-remixable (1.0.2)
      dm-core (~> 1.0.2)

GIT
  remote: http://github.com/postmodern/dm-migrations.git
  revision: 0fbaeefb1d260ac312d23b13d62c09de89d1f1af
  branch: runner
  specs:
    dm-migrations (1.0.2)
      dm-core (~> 1.0.2)

GIT
  remote: http://github.com/ronin-ruby/ronin-support.git
  revision: d2b9993c1e2e1e891ddcf4aeaaecee03b458e078
  specs:
    ronin-support (0.1.0)
      chars (~> 0.2.0)
      combinatorics (~> 0.3.1)
      data_paths (~> 0.2.1)
      uri-query_params (~> 0.4.0)

GIT
  remote: http://github.com/solnic/dm-taggings.git
  revision: 66387a9867c39ee5d01c9d9fc402c83ae3d0f5a5
  specs:
    dm-taggings (0.11.0)
      dm-constraints (~> 1.0.2)
      dm-core (~> 1.0.2)
      dm-is-remixable (~> 1.0.2)

PATH
  remote: .
  specs:
    ronin (0.4.0)
      activesupport (~> 3.0.0)
      contextify (~> 0.2.0)
      data_paths (~> 0.2.1)
      dm-aggregates (~> 1.0.2)
      dm-constraints (~> 1.0.2)
      dm-core (~> 1.0.2)
      dm-do-adapter (~> 1.0.2)
      dm-is-predefined (~> 0.3.0)
      dm-serializer (~> 1.0.2)
      dm-sqlite-adapter (~> 1.0.2)
      dm-timestamps (~> 1.0.2)
      dm-types (~> 1.0.2)
      dm-validations (~> 1.0.2)
      nokogiri (~> 1.4.1)
      open_namespace (~> 0.3.0)
      parameters (~> 0.2.3)
      pullr (~> 0.1.2)
      thor (~> 0.14.3)
      tzinfo (~> 0.3.22)
      uri-query_params (~> 0.4.0)

GEM
  remote: https://rubygems.org/
  specs:
    activesupport (3.0.0)
    addressable (2.2.2)
    chars (0.2.0)
    combinatorics (0.3.1)
    contextify (0.2.0)
    data_objects (0.10.2)
      addressable (~> 2.1)
    data_paths (0.2.1)
    diff-lcs (1.1.2)
    dm-aggregates (1.0.2)
      dm-core (~> 1.0.2)
    dm-constraints (1.0.2)
      dm-core (~> 1.0.2)
      dm-migrations (~> 1.0.2)
    dm-core (1.0.2)
      addressable (~> 2.2)
      extlib (~> 0.9.15)
    dm-do-adapter (1.0.2)
      data_objects (~> 0.10.2)
      dm-core (~> 1.0.2)
    dm-is-predefined (0.3.0)
      activesupport (~> 3.0.0.beta3)
      dm-core (~> 1.0.0)
    dm-serializer (1.0.2)
      dm-core (~> 1.0.2)
      fastercsv (~> 1.5.3)
      json_pure (~> 1.4)
    dm-sqlite-adapter (1.0.2)
      dm-do-adapter (~> 1.0.2)
      do_sqlite3 (~> 0.10.2)
    dm-timestamps (1.0.2)
      dm-core (~> 1.0.2)
    dm-types (1.0.2)
      dm-core (~> 1.0.2)
      fastercsv (~> 1.5.3)
      json_pure (~> 1.4)
      stringex (~> 1.1.0)
      uuidtools (~> 2.1.1)
    dm-validations (1.0.2)
      dm-core (~> 1.0.2)
    dm-visualizer (0.1.0)
      dm-core (>= 0.10.2)
      ruby-graphviz (>= 0.9.10)
      thor (>= 0.13.4)
    do_jdbc (0.10.2-java)
      data_objects (= 0.10.2)
    do_sqlite3 (0.10.2)
      data_objects (= 0.10.2)
    do_sqlite3 (0.10.2-java)
      data_objects (= 0.10.2)
      do_jdbc (= 0.10.2)
      jdbc-sqlite3 (>= 3.5.8)
    extlib (0.9.15)
    fastercsv (1.5.3)
    jdbc-sqlite3 (3.6.3.054)
    json_pure (1.4.6)
    nokogiri (1.4.3.1)
    nokogiri (1.4.3.1-java)
      weakling (>= 0.0.3)
    open_namespace (0.3.0)
    ore (0.2.3)
      thor (~> 0.14.3)
    ore-tasks (0.1.3)
    parameters (0.2.3)
    pullr (0.1.3)
      addressable (>= 2.1.1)
    rake (0.8.7)
    rdiscount (1.6.5)
    rspec (2.0.0)
      rspec-core (= 2.0.0)
      rspec-expectations (= 2.0.0)
      rspec-mocks (= 2.0.0)
    rspec-core (2.0.0)
    rspec-expectations (2.0.0)
      diff-lcs (>= 1.1.2)
    rspec-mocks (2.0.0)
      rspec-core (= 2.0.0)
      rspec-expectations (= 2.0.0)
    ruby-graphviz (0.9.17)
    stringex (1.1.0)
    thor (0.14.3)
    tzinfo (0.3.23)
    uri-query_params (0.4.0)
    uuidtools (2.1.1)
    weakling (0.0.4-java)
    yard (0.6.1)
    yard-contextify (0.1.0)
      yard (>= 0.4.0)
    yard-dm (0.1.1)
    yard-dm-is-predefined (0.2.0)
      yard (>= 0.4.0)
    yard-parameters (0.1.1)
      yard (>= 0.4.0)

PLATFORMS
  java
  ruby

DEPENDENCIES
  activesupport (~> 3.0.0)
  bundler (~> 1.0.0)
  contextify (~> 0.2.0)
  data_paths (~> 0.2.1)
  dm-aggregates (~> 1.0.2)
  dm-constraints (~> 1.0.2)
  dm-core (~> 1.0.2)
  dm-do-adapter (~> 1.0.2)
  dm-is-predefined (~> 0.3.0)
  dm-is-remixable (~> 1.0.2)!
  dm-migrations (~> 1.0.2)!
  dm-serializer (~> 1.0.2)
  dm-sqlite-adapter (~> 1.0.2)
  dm-taggings (~> 0.11.0)!
  dm-timestamps (~> 1.0.2)
  dm-types (~> 1.0.2)
  dm-validations (~> 1.0.2)
  dm-visualizer (~> 0.1.0)
  nokogiri (~> 1.4.1)
  open_namespace (~> 0.3.0)
  ore (~> 0.2.0)
  ore-tasks (~> 0.1.2)
  parameters (~> 0.2.3)
  pullr (~> 0.1.2)
  rake (~> 0.8.7)
  rdiscount (~> 1.6.3)
  ronin!
  ronin-support (~> 0.1.0)!
  rspec (~> 2.0.0)
  ruby-graphviz (~> 0.9.10)
  thor (~> 0.14.3)
  tzinfo (~> 0.3.22)
  uri-query_params (~> 0.4.0)
  yard (~> 0.6.0)
  yard-contextify (~> 0.1.0)
  yard-dm (~> 0.1.1)
  yard-dm-is-predefined (~> 0.2.0)
  yard-parameters (~> 0.1.0)
