GIT
  remote: http://github.com/datamapper/dm-core.git
  revision: cd3340c
  specs:
    dm-core (1.0.0)
      addressable (~> 2.1)
      extlib (~> 0.9.15)

GIT
  remote: http://github.com/postmodern/contextify.git
  revision: 4970af0
  specs:
    contextify (0.1.6)

GIT
  remote: http://github.com/postmodern/dm-migrations.git
  revision: a352ef2
  branch: runner
  specs:
    dm-migrations (1.0.0)
      dm-core (~> 1.0.0)

GIT
  remote: http://github.com/ronin-ruby/ronin-support.git
  revision: 3d9ca06
  specs:
    ronin-support (0.1.0)
      chars (~> 0.1.2)
      data_paths (~> 0.2.1)

GIT
  remote: http://github.com/technicalpickles/jeweler.git
  revision: 62f2651
  specs:
    jeweler (1.5.0.pre)
      bundler (>= 1.0.0.rc.5)
      git (>= 1.2.5)
      rake

GEM
  remote: https://rubygems.org/
  specs:
    activesupport (3.0.0.rc)
    addressable (2.2.0)
    archive-tar-minitar (0.5.2)
    chars (0.1.2)
      yard (>= 0.2.3.5)
    columnize (0.3.1)
    data_objects (0.10.2)
      addressable (~> 2.1)
    data_paths (0.2.1)
    diff-lcs (1.1.2)
    dm-aggregates (1.0.0)
      dm-core (~> 1.0.0)
    dm-constraints (1.0.0)
      dm-core (~> 1.0.0)
      dm-migrations (~> 1.0.0)
    dm-do-adapter (1.0.0)
      data_objects (~> 0.10.1)
      dm-core (~> 1.0.0)
    dm-is-predefined (0.3.0)
      activesupport (~> 3.0.0.beta3)
      dm-core (~> 1.0.0)
    dm-sqlite-adapter (1.0.0)
      dm-do-adapter (~> 1.0.0)
      do_sqlite3 (~> 0.10.2)
    dm-tags (1.0.0)
      dm-core (~> 1.0.0)
    dm-timestamps (1.0.0)
      dm-core (~> 1.0.0)
    dm-types (1.0.0)
      dm-core (~> 1.0.0)
      fastercsv (~> 1.5.3)
      json_pure (~> 1.4.3)
      stringex (~> 1.1.0)
      uuidtools (~> 2.1.1)
    dm-validations (1.0.0)
      dm-core (~> 1.0.0)
    dm-visualizer (0.1.0)
      dm-core (>= 0.10.2)
      ruby-graphviz (>= 0.9.10)
      thor (>= 0.13.4)
    do_jdbc (0.10.2-java)
      data_objects (= 0.10.2)
    do_sqlite3 (0.10.2)
      data_objects (= 0.10.2)
    do_sqlite3 (0.10.2-java)
      data_objects (= 0.10.2)
      do_jdbc (= 0.10.2)
      jdbc-sqlite3 (>= 3.5.8)
    extlib (0.9.15)
    fastercsv (1.5.3)
    git (1.2.5)
    jdbc-sqlite3 (3.6.3.054)
    json_pure (1.4.6)
    linecache19 (0.5.11)
      ruby_core_source (>= 0.1.4)
    nokogiri (1.4.3.1)
    nokogiri (1.4.3.1-java)
      weakling (>= 0.0.3)
    open_namespace (0.3.0)
    parameters (0.2.2)
    pullr (0.1.3)
      addressable (>= 2.1.1)
    rake (0.8.7)
    rdiscount (1.6.5)
    rspec (2.0.0.beta.19)
      rspec-core (= 2.0.0.beta.19)
      rspec-expectations (= 2.0.0.beta.19)
      rspec-mocks (= 2.0.0.beta.19)
    rspec-core (2.0.0.beta.19)
    rspec-expectations (2.0.0.beta.19)
      diff-lcs (>= 1.1.2)
    rspec-mocks (2.0.0.beta.19)
    ruby-debug-base19 (0.11.24)
      columnize (>= 0.3.1)
      linecache19 (>= 0.5.11)
      ruby_core_source (>= 0.1.4)
    ruby-debug19 (0.11.6)
      columnize (>= 0.3.1)
      linecache19 (>= 0.5.11)
      ruby-debug-base19 (>= 0.11.19)
    ruby-graphviz (0.9.16)
    ruby_core_source (0.1.4)
      archive-tar-minitar (>= 0.5.2)
    stringex (1.1.0)
    thor (0.14.0)
    tzinfo (0.3.23)
    uuidtools (2.1.1)
    weakling (0.0.4-java)
    yard (0.5.8)
    yard-contextify (0.1.0)
      yard (>= 0.4.0)
    yard-dm (0.1.1)
    yard-dm-is-predefined (0.2.0)
      yard (>= 0.4.0)
    yard-parameters (0.1.1)
      yard (>= 0.4.0)

PLATFORMS
  java
  ruby

DEPENDENCIES
  activesupport (~> 3.0.0.rc)
  bundler (~> 1.0.0)
  contextify (~> 0.1.6)!
  data_paths (~> 0.2.1)
  dm-aggregates (~> 1.0.0)
  dm-constraints (~> 1.0.0)
  dm-core (~> 1.0.0)!
  dm-do-adapter (~> 1.0.0)
  dm-is-predefined (~> 0.3.0)
  dm-migrations (~> 1.0.0)!
  dm-sqlite-adapter (~> 1.0.0)
  dm-tags (~> 1.0.0)
  dm-timestamps (~> 1.0.0)
  dm-types (~> 1.0.0)
  dm-validations (~> 1.0.0)
  dm-visualizer (~> 0.1.0)
  jeweler (~> 1.5.0)!
  nokogiri (~> 1.4.1)
  open_namespace (~> 0.3.0)
  parameters (~> 0.2.2)
  pullr (~> 0.1.2)
  rake (~> 0.8.7)
  rdiscount (~> 1.6.3)
  ronin-support (~> 0.1.0)!
  rspec (~> 2.0.0.beta.20)
  ruby-debug19
  ruby-graphviz (~> 0.9.10)
  thor (~> 0.14.0)
  tzinfo (~> 0.3.22)
  yard (~> 0.5.3)
  yard-contextify (~> 0.1.0)
  yard-dm (~> 0.1.1)
  yard-dm-is-predefined (~> 0.2.0)
  yard-parameters (~> 0.1.0)
